PATH
  remote: .
  specs:
    resultr (0.0.0)

GEM
  remote: https://rubygems.org/
  specs:
    minitest (5.11.1)
    rake (10.5.0)

PLATFORMS
  ruby

DEPENDENCIES
  bundler (~> 1.16)
  minitest (~> 5.0)
  rake (~> 10.0)
  resultr!

BUNDLED WITH
   1.16.0
